PATH
  remote: .
  specs:
    spine-content_types (0.1.0)
      multi_json (~> 1.0)

GEM
  remote: https://rubygems.org/
  specs:
    multi_json (1.11.0)
    rake (10.4.2)

PLATFORMS
  ruby

DEPENDENCIES
  bundler (~> 1.7)
  rake (~> 10.0)
  spine-content_types!
