PATH
  remote: .
  specs:
    spine-content_types (0.1.2)
      multi_json (~> 1.0)

GEM
  remote: https://rubygems.org/
  specs:
    multi_json (1.11.2)
    rake (10.4.2)

PLATFORMS
  ruby

DEPENDENCIES
  bundler (~> 1.10)
  rake (~> 10.0)
  spine-content_types!

BUNDLED WITH
   1.10.3
